

GROUP androidapp
RESTRICTION: == monoandroid9.0
NUGET
  remote: https://www.nuget.org/api/v2
    FSharp.Core (4.7.2)
    FSharp.Data (3.3.3)
      FSharp.Core (>= 4.3.4)
    Microsoft.NETCore.Platforms (3.1.1)
    NETStandard.Library (2.0.3)
      Microsoft.NETCore.Platforms (>= 1.1)
    Newtonsoft.Json (12.0.3)
    OxyPlot.Core (2.0)
      NETStandard.Library (>= 1.6.1)
    OxyPlot.Xamarin.Android (1.0)
      OxyPlot.Core (>= 1.0)
    OxyPlot.Xamarin.Forms (1.0)
      OxyPlot.Xamarin.Android (>= 1.0)
      Xamarin.Forms (>= 2.3.3.180)
    Plugin.MediaManager (0.9.6)
      Xam.Plugins.Android.ExoPlayer (>= 2.9.8)
      Xam.Plugins.Android.ExoPlayer.MediaSession (>= 2.9.8)
    Plugin.MediaManager.Forms (0.9.6)
      Plugin.MediaManager (>= 0.9.6)
      Xamarin.Android.Support.Design (>= 28.0.0.3)
      Xamarin.Android.Support.v4 (>= 28.0.0.3)
      Xamarin.Android.Support.v7.AppCompat (>= 28.0.0.3)
      Xamarin.Android.Support.v7.CardView (>= 28.0.0.3)
      Xamarin.Android.Support.v7.MediaRouter (>= 28.0.0.3)
      Xamarin.Forms (>= 4.2.0.815419)
    SkiaSharp (1.68.3)
    SkiaSharp.Views (1.68.3)
      SkiaSharp (>= 1.68.3)
    SkiaSharp.Views.Forms (1.68.3)
      SkiaSharp (>= 1.68.3)
      SkiaSharp.Views (>= 1.68.3)
      Xamarin.Forms (>= 4.4.0.991757)
    System.ComponentModel (4.3)
    Xam.Plugins.Android.ExoPlayer (2.9.8)
      Xam.Plugins.Android.ExoPlayer.Core (>= 2.9.8)
      Xam.Plugins.Android.ExoPlayer.Dash (>= 2.9.8)
      Xam.Plugins.Android.ExoPlayer.Hls (>= 2.9.8)
      Xam.Plugins.Android.ExoPlayer.SmoothStreaming (>= 2.9.8)
      Xam.Plugins.Android.ExoPlayer.UI (>= 2.9.8)
    Xam.Plugins.Android.ExoPlayer.Core (2.9.8)
      Xamarin.Android.Support.Annotations (>= 28.0.0.3)
    Xam.Plugins.Android.ExoPlayer.Dash (2.9.8)
      Xam.Plugins.Android.ExoPlayer.Core (>= 2.9.8)
    Xam.Plugins.Android.ExoPlayer.Hls (2.9.8)
      Xam.Plugins.Android.ExoPlayer.Core (>= 2.9.8)
    Xam.Plugins.Android.ExoPlayer.MediaSession (2.9.8)
      Xam.Plugins.Android.ExoPlayer.Core (>= 2.9.8)
      Xamarin.Android.Support.Media.Compat (>= 28.0.0.3)
      Xamarin.Android.Support.v7.AppCompat (>= 28.0.0.3)
    Xam.Plugins.Android.ExoPlayer.SmoothStreaming (2.9.8)
      Xam.Plugins.Android.ExoPlayer.Core (>= 2.9.8)
    Xam.Plugins.Android.ExoPlayer.UI (2.9.8)
      Xam.Plugins.Android.ExoPlayer.Core (>= 2.9.8)
      Xamarin.Android.Support.Media.Compat (>= 28.0.0.3)
    Xamarin.Android.Arch.Core.Common (1.1.1.3)
      Xamarin.Android.Support.Annotations (28.0.0.3)
    Xamarin.Android.Arch.Core.Runtime (1.1.1.3)
      Xamarin.Android.Arch.Core.Common (1.1.1.3)
      Xamarin.Android.Support.Annotations (28.0.0.3)
    Xamarin.Android.Arch.Lifecycle.Common (1.1.1.3)
      Xamarin.Android.Support.Annotations (28.0.0.3)
    Xamarin.Android.Arch.Lifecycle.LiveData (1.1.1.3)
      Xamarin.Android.Arch.Core.Common (1.1.1.3)
      Xamarin.Android.Arch.Core.Runtime (1.1.1.3)
      Xamarin.Android.Arch.Lifecycle.LiveData.Core (1.1.1.3)
    Xamarin.Android.Arch.Lifecycle.LiveData.Core (1.1.1.3)
      Xamarin.Android.Arch.Core.Common (1.1.1.3)
      Xamarin.Android.Arch.Core.Runtime (1.1.1.3)
      Xamarin.Android.Arch.Lifecycle.Common (1.1.1.3)
    Xamarin.Android.Arch.Lifecycle.Runtime (1.1.1.3)
      Xamarin.Android.Arch.Core.Common (1.1.1.3)
      Xamarin.Android.Arch.Lifecycle.Common (1.1.1.3)
      Xamarin.Android.Support.Annotations (28.0.0.3)
    Xamarin.Android.Arch.Lifecycle.ViewModel (1.1.1.3)
      Xamarin.Android.Support.Annotations (28.0.0.3)
    Xamarin.Android.FSharp.ResourceProvider (1.0.0.28)
    Xamarin.Android.Support.Animated.Vector.Drawable (28.0.0.3)
      Xamarin.Android.Support.Core.UI (28.0.0.3)
      Xamarin.Android.Support.Vector.Drawable (28.0.0.3)
    Xamarin.Android.Support.Annotations (28.0.0.3)
    Xamarin.Android.Support.AsyncLayoutInflater (28.0.0.3)
      Xamarin.Android.Support.Annotations (28.0.0.3)
      Xamarin.Android.Support.Compat (28.0.0.3)
    Xamarin.Android.Support.Collections (28.0.0.3)
      Xamarin.Android.Support.Annotations (28.0.0.3)
    Xamarin.Android.Support.Compat (28.0.0.3)
      Xamarin.Android.Arch.Lifecycle.Runtime (1.1.1.3)
      Xamarin.Android.Support.Annotations (28.0.0.3)
      Xamarin.Android.Support.Collections (28.0.0.3)
      Xamarin.Android.Support.VersionedParcelable (28.0.0.3)
    Xamarin.Android.Support.CoordinaterLayout (28.0.0.3)
      Xamarin.Android.Support.Annotations (28.0.0.3)
      Xamarin.Android.Support.Compat (28.0.0.3)
      Xamarin.Android.Support.CustomView (28.0.0.3)
    Xamarin.Android.Support.Core.UI (28.0.0.3)
      Xamarin.Android.Support.Annotations (28.0.0.3)
      Xamarin.Android.Support.AsyncLayoutInflater (28.0.0.3)
      Xamarin.Android.Support.Compat (28.0.0.3)
      Xamarin.Android.Support.CoordinaterLayout (28.0.0.3)
      Xamarin.Android.Support.Core.Utils (28.0.0.3)
      Xamarin.Android.Support.CursorAdapter (28.0.0.3)
      Xamarin.Android.Support.CustomView (28.0.0.3)
      Xamarin.Android.Support.DrawerLayout (28.0.0.3)
      Xamarin.Android.Support.Interpolator (28.0.0.3)
      Xamarin.Android.Support.SlidingPaneLayout (28.0.0.3)
      Xamarin.Android.Support.SwipeRefreshLayout (28.0.0.3)
      Xamarin.Android.Support.ViewPager (28.0.0.3)
    Xamarin.Android.Support.Core.Utils (28.0.0.3)
      Xamarin.Android.Support.Annotations (28.0.0.3)
      Xamarin.Android.Support.Compat (28.0.0.3)
      Xamarin.Android.Support.DocumentFile (28.0.0.3)
      Xamarin.Android.Support.Loader (28.0.0.3)
      Xamarin.Android.Support.LocalBroadcastManager (28.0.0.3)
      Xamarin.Android.Support.Print (28.0.0.3)
    Xamarin.Android.Support.CursorAdapter (28.0.0.3)
      Xamarin.Android.Support.Annotations (28.0.0.3)
    Xamarin.Android.Support.CustomTabs (28.0.0.3)
      Xamarin.Android.Support.Annotations (28.0.0.3)
      Xamarin.Android.Support.Collections (28.0.0.3)
      Xamarin.Android.Support.Compat (28.0.0.3)
      Xamarin.Android.Support.Core.UI (28.0.0.3)
      Xamarin.Android.Support.Interpolator (28.0.0.3)
    Xamarin.Android.Support.CustomView (28.0.0.3)
      Xamarin.Android.Support.Annotations (28.0.0.3)
      Xamarin.Android.Support.Compat (28.0.0.3)
    Xamarin.Android.Support.Design (28.0.0.3)
      Xamarin.Android.Support.Annotations (28.0.0.3)
      Xamarin.Android.Support.Compat (28.0.0.3)
      Xamarin.Android.Support.Core.UI (28.0.0.3)
      Xamarin.Android.Support.Core.Utils (28.0.0.3)
      Xamarin.Android.Support.Fragment (28.0.0.3)
      Xamarin.Android.Support.Transition (28.0.0.3)
      Xamarin.Android.Support.v7.AppCompat (28.0.0.3)
      Xamarin.Android.Support.v7.CardView (28.0.0.3)
      Xamarin.Android.Support.v7.RecyclerView (28.0.0.3)
    Xamarin.Android.Support.DocumentFile (28.0.0.3)
      Xamarin.Android.Support.Annotations (28.0.0.3)
    Xamarin.Android.Support.DrawerLayout (28.0.0.3)
      Xamarin.Android.Support.Annotations (28.0.0.3)
      Xamarin.Android.Support.Compat (28.0.0.3)
      Xamarin.Android.Support.CustomView (28.0.0.3)
    Xamarin.Android.Support.Fragment (28.0.0.3)
      Xamarin.Android.Arch.Lifecycle.ViewModel (1.1.1.3)
      Xamarin.Android.Support.Annotations (28.0.0.3)
      Xamarin.Android.Support.Compat (28.0.0.3)
      Xamarin.Android.Support.Core.UI (28.0.0.3)
      Xamarin.Android.Support.Core.Utils (28.0.0.3)
      Xamarin.Android.Support.Loader (28.0.0.3)
    Xamarin.Android.Support.Interpolator (28.0.0.3)
      Xamarin.Android.Support.Annotations (28.0.0.3)
    Xamarin.Android.Support.Loader (28.0.0.3)
      Xamarin.Android.Arch.Lifecycle.LiveData (1.1.1.3)
      Xamarin.Android.Arch.Lifecycle.ViewModel (1.1.1.3)
      Xamarin.Android.Support.Annotations (28.0.0.3)
      Xamarin.Android.Support.Compat (28.0.0.3)
    Xamarin.Android.Support.LocalBroadcastManager (28.0.0.3)
      Xamarin.Android.Support.Annotations (28.0.0.3)
    Xamarin.Android.Support.Media.Compat (28.0.0.3)
      Xamarin.Android.Support.Annotations (28.0.0.3)
      Xamarin.Android.Support.Compat (28.0.0.3)
      Xamarin.Android.Support.VersionedParcelable (28.0.0.3)
    Xamarin.Android.Support.Print (28.0.0.3)
      Xamarin.Android.Support.Annotations (28.0.0.3)
    Xamarin.Android.Support.SlidingPaneLayout (28.0.0.3)
      Xamarin.Android.Support.Annotations (28.0.0.3)
      Xamarin.Android.Support.Compat (28.0.0.3)
      Xamarin.Android.Support.CustomView (28.0.0.3)
    Xamarin.Android.Support.SwipeRefreshLayout (28.0.0.3)
      Xamarin.Android.Support.Annotations (28.0.0.3)
      Xamarin.Android.Support.Compat (28.0.0.3)
      Xamarin.Android.Support.Interpolator (28.0.0.3)
    Xamarin.Android.Support.Transition (28.0.0.3)
      Xamarin.Android.Support.Annotations (28.0.0.3)
      Xamarin.Android.Support.Compat (28.0.0.3)
      Xamarin.Android.Support.Fragment (28.0.0.3)
    Xamarin.Android.Support.v4 (28.0.0.3)
      Xamarin.Android.Support.Compat (28.0.0.3)
      Xamarin.Android.Support.Core.UI (28.0.0.3)
      Xamarin.Android.Support.Core.Utils (28.0.0.3)
      Xamarin.Android.Support.Fragment (28.0.0.3)
      Xamarin.Android.Support.Media.Compat (28.0.0.3)
    Xamarin.Android.Support.v7.AppCompat (28.0.0.3)
      Xamarin.Android.Support.Animated.Vector.Drawable (28.0.0.3)
      Xamarin.Android.Support.Annotations (28.0.0.3)
      Xamarin.Android.Support.Collections (28.0.0.3)
      Xamarin.Android.Support.Compat (28.0.0.3)
      Xamarin.Android.Support.Core.Utils (28.0.0.3)
      Xamarin.Android.Support.CursorAdapter (28.0.0.3)
      Xamarin.Android.Support.Fragment (28.0.0.3)
      Xamarin.Android.Support.Vector.Drawable (28.0.0.3)
    Xamarin.Android.Support.v7.CardView (28.0.0.3)
      Xamarin.Android.Support.Annotations (28.0.0.3)
    Xamarin.Android.Support.v7.MediaRouter (28.0.0.3)
      Xamarin.Android.Support.Media.Compat (28.0.0.3)
      Xamarin.Android.Support.v7.AppCompat (28.0.0.3)
      Xamarin.Android.Support.v7.Palette (28.0.0.3)
      Xamarin.Android.Support.v7.RecyclerView (28.0.0.3)
    Xamarin.Android.Support.v7.Palette (28.0.0.3)
      Xamarin.Android.Support.Compat (28.0.0.3)
      Xamarin.Android.Support.Core.Utils (28.0.0.3)
    Xamarin.Android.Support.v7.RecyclerView (28.0.0.3)
      Xamarin.Android.Support.Annotations (28.0.0.3)
      Xamarin.Android.Support.Compat (28.0.0.3)
      Xamarin.Android.Support.Core.UI (28.0.0.3)
    Xamarin.Android.Support.Vector.Drawable (28.0.0.3)
      Xamarin.Android.Support.Annotations (28.0.0.3)
      Xamarin.Android.Support.Compat (28.0.0.3)
    Xamarin.Android.Support.VersionedParcelable (28.0.0.3)
      Xamarin.Android.Support.Annotations (28.0.0.3)
      Xamarin.Android.Support.Collections (28.0.0.3)
    Xamarin.Android.Support.ViewPager (28.0.0.3)
      Xamarin.Android.Support.Annotations (28.0.0.3)
      Xamarin.Android.Support.Compat (28.0.0.3)
      Xamarin.Android.Support.CustomView (28.0.0.3)
    Xamarin.Build.Download (0.10)
    Xamarin.Essentials (1.5.3.2)
      Xamarin.Android.Support.Compat (>= 28.0.0.3)
      Xamarin.Android.Support.CustomTabs (>= 28.0.0.3)
    Xamarin.FFImageLoading (2.4.11.982)
    Xamarin.FFImageLoading.Forms (2.4.11.982)
      Xamarin.FFImageLoading (>= 2.4.11.982)
      Xamarin.Forms (>= 3.3.0.912540)
    Xamarin.Forms (4.6.0.847)
      Xamarin.Android.Support.CustomTabs (>= 28.0.0.3)
      Xamarin.Android.Support.Design (>= 28.0.0.3)
      Xamarin.Android.Support.v4 (>= 28.0.0.3)
      Xamarin.Android.Support.v7.AppCompat (>= 28.0.0.3)
      Xamarin.Android.Support.v7.CardView (>= 28.0.0.3)
    Xamarin.Forms.Maps (4.6.0.847)
      Xamarin.Android.Support.v7.AppCompat (>= 28.0.0.3)
      Xamarin.Forms (>= 4.6.0.847)
      Xamarin.GooglePlayServices.Maps (>= 71.1610)
    Xamarin.Forms.PancakeView (1.4.2)
      System.ComponentModel (>= 4.3)
      Xamarin.Forms (>= 3.6.0.220655)
    Xamarin.GooglePlayServices.Base (71.1610.1)
      Xamarin.Build.Download (>= 0.7)
      Xamarin.GooglePlayServices.Basement (>= 71.1620.2)
      Xamarin.GooglePlayServices.Tasks (>= 71.1601.1)
    Xamarin.GooglePlayServices.Basement (71.1620.2)
      Xamarin.Android.Support.v4 (>= 28.0.0.3)
      Xamarin.Build.Download (>= 0.7)
    Xamarin.GooglePlayServices.Maps (71.1610.1)
      Xamarin.Build.Download (>= 0.7)
      Xamarin.GooglePlayServices.Base (>= 71.1610.1)
      Xamarin.GooglePlayServices.Basement (>= 71.1620.2)
    Xamarin.GooglePlayServices.Tasks (71.1601.1)
      Xamarin.Build.Download (>= 0.7)
      Xamarin.GooglePlayServices.Basement (>= 71.1620.2)

GROUP generator
RESTRICTION: == netstandard2.0
NUGET
  remote: https://www.nuget.org/api/v2
    Microsoft.NETCore.Platforms (3.1.1)
    NETStandard.Library (2.0.3)
      Microsoft.NETCore.Platforms (>= 1.1)
    OxyPlot.Core (2.0)
      NETStandard.Library (>= 1.6.1)
    OxyPlot.Xamarin.Forms (1.0)
      OxyPlot.Core (>= 1.0)
      Xamarin.Forms (>= 2.3.3.180)
    Plugin.MediaManager (0.9.7)
    Plugin.MediaManager.Forms (0.9.6)
      Plugin.MediaManager (>= 0.9.6)
      Xamarin.Forms (>= 4.2.0.815419)
    SkiaSharp (1.68.3)
      System.Memory (>= 4.5.3)
    SkiaSharp.Views.Forms (1.68.1)
      SkiaSharp (>= 1.68.1)
      Xamarin.Forms (>= 4.0.0.540366)
    System.Buffers (4.5.1)
    System.Memory (4.5.4)
      System.Buffers (>= 4.5.1)
      System.Numerics.Vectors (>= 4.4)
      System.Runtime.CompilerServices.Unsafe (>= 4.5.3)
    System.Numerics.Vectors (4.5)
    System.Runtime.CompilerServices.Unsafe (4.7.1)
    Xamarin.FFImageLoading (2.4.11.982)
    Xamarin.FFImageLoading.Forms (2.4.11.982)
      Xamarin.FFImageLoading (>= 2.4.11.982)
      Xamarin.Forms (>= 3.3.0.912540)
    Xamarin.Forms (4.6.0.726)
    Xamarin.Forms.Maps (4.6.0.726)
      Xamarin.Forms (>= 4.6.0.726)
    Xamarin.Forms.PancakeView (1.3.6)
      Xamarin.Forms (>= 3.6.0.220655)

GROUP gtkapp
RESTRICTION: == net471
NUGET
  remote: https://www.nuget.org/api/v2
    FSharp.Core (4.7.2)
    FSharp.Data (3.3.3)
      FSharp.Core (>= 4.0.0.1)
    Newtonsoft.Json (12.0.3)
    OpenTK (3.2)
    OpenTK.GLControl (3.1)
      OpenTK (>= 3.1)
    OxyPlot.Core (1.0)
    OxyPlot.GtkSharp (1.0)
      OxyPlot.Core (1.0)
    OxyPlot.Xamarin.Forms (1.0)
      OxyPlot.Core (>= 1.0)
      Xamarin.Forms (>= 2.3.3.180)
    Plugin.MediaManager (0.9.7)
    Plugin.MediaManager.Forms (0.9.7)
      Plugin.MediaManager (>= 0.9.7)
      Xamarin.Forms (>= 4.5.0.356)
    SkiaSharp (1.68.3)
      System.Memory (>= 4.5.3)
    SkiaSharp.Views.Desktop.Common (1.68.3)
      SkiaSharp (>= 1.68.3)
    SkiaSharp.Views.Gtk2 (1.68.3)
      SkiaSharp (>= 1.68.3)
      SkiaSharp.Views.Desktop.Common (>= 1.68.3)
    System.Buffers (4.5.1)
    System.ComponentModel (4.3)
    System.Memory (4.5.4)
      System.Buffers (>= 4.5.1)
      System.Numerics.Vectors (>= 4.5)
      System.Runtime.CompilerServices.Unsafe (>= 4.5.3)
    System.Numerics.Vectors (4.5)
    System.Runtime.CompilerServices.Unsafe (4.7.1)
    Xamarin.Essentials (1.5.3.2)
      System.Numerics.Vectors (>= 4.5)
    Xamarin.FFImageLoading (2.4.11.982)
    Xamarin.FFImageLoading.Forms (2.4.11.982)
      Xamarin.FFImageLoading (>= 2.4.11.982)
      Xamarin.Forms (>= 3.3.0.912540)
    Xamarin.Forms (4.6.0.847)
    Xamarin.Forms.Maps (4.6.0.847)
      Xamarin.Forms (>= 4.6.0.847)
    Xamarin.Forms.Maps.GTK (4.6.0.847)
      Xamarin.Forms (>= 4.6.0.847)
      Xamarin.Forms.Maps (>= 4.6.0.847)
    Xamarin.Forms.PancakeView (1.4.2)
      System.ComponentModel (>= 4.3)
      Xamarin.Forms (>= 3.6.0.220655)
      Xamarin.Forms.Platform.WPF (>= 3.6.0.220655)
    Xamarin.Forms.Platform.GTK (4.6.0.847)
      OpenTK (>= 3.0.1)
      Xamarin.Forms (>= 4.6.0.847)
    Xamarin.Forms.Platform.WPF (4.6.0.847)
      OpenTK (>= 3.0.1)
      OpenTK.GLControl (>= 3.0.1)
      Xamarin.Forms (>= 4.6.0.847)

GROUP iosapp
RESTRICTION: == xamarinios
NUGET
  remote: https://www.nuget.org/api/v2
    FSharp.Core (4.7.2)
    FSharp.Data (3.3.3)
      FSharp.Core (>= 4.3.4)
    Microsoft.NETCore.Platforms (3.1.1)
    NETStandard.Library (2.0.3)
      Microsoft.NETCore.Platforms (>= 1.1)
    Newtonsoft.Json (12.0.3)
    OxyPlot.Core (2.0)
      NETStandard.Library (>= 1.6.1)
    OxyPlot.Xamarin.Forms (1.0)
      OxyPlot.Xamarin.iOS (>= 1.0)
      Xamarin.Forms (>= 2.3.3.180)
    OxyPlot.Xamarin.iOS (1.0)
      OxyPlot.Core (>= 1.0)
    Plugin.MediaManager (0.9.7)
    Plugin.MediaManager.Forms (0.9.7)
      Plugin.MediaManager (>= 0.9.7)
      Xamarin.Forms (>= 4.5.0.356)
    SkiaSharp (1.68.3)
    SkiaSharp.Views (1.68.3)
      SkiaSharp (>= 1.68.3)
    SkiaSharp.Views.Forms (1.68.3)
      SkiaSharp (>= 1.68.3)
      SkiaSharp.Views (>= 1.68.3)
      Xamarin.Forms (>= 4.4.0.991757)
    System.ComponentModel (4.3)
    WebP.Touch (1.0.8)
    Xamarin.Essentials (1.5.3.2)
    Xamarin.FFImageLoading (2.4.11.982)
      WebP.Touch (>= 1.0.8)
    Xamarin.FFImageLoading.Forms (2.4.11.982)
      Xamarin.FFImageLoading (>= 2.4.11.982)
      Xamarin.Forms (>= 3.3.0.912540)
    Xamarin.Forms (4.6.0.847)
    Xamarin.Forms.Maps (4.6.0.847)
      Xamarin.Forms (>= 4.6.0.847)
    Xamarin.Forms.PancakeView (1.4.2)
      System.ComponentModel (>= 4.3)
      Xamarin.Forms (>= 3.6.0.220655)
    Xamarin.Forms.Visual.Material (4.6.0.847)
      Xamarin.iOS.MaterialComponents (>= 92.0)
    Xamarin.iOS.MaterialComponents (92.0)

GROUP macosapp
RESTRICTION: == xamarinmac
NUGET
  remote: https://www.nuget.org/api/v2
    FSharp.Core (4.7.2)
    FSharp.Data (3.3.3)
      FSharp.Core (>= 4.3.4)
    Microsoft.NETCore.Platforms (3.1.1)
    NETStandard.Library (2.0.3)
      Microsoft.NETCore.Platforms (>= 1.1)
    Newtonsoft.Json (12.0.3)
    OxyPlot.Core (2.0)
      NETStandard.Library (>= 1.6.1)
    OxyPlot.Xamarin.Forms (1.0)
      OxyPlot.Core (>= 1.0)
      Xamarin.Forms (>= 2.3.3.180)
    Plugin.MediaManager (0.9.7)
    Plugin.MediaManager.Forms (0.9.7)
      Plugin.MediaManager (>= 0.9.7)
      Xamarin.Forms (>= 4.5.0.356)
    SkiaSharp (1.68.3)
    SkiaSharp.Views (1.68.3)
      SkiaSharp (>= 1.68.3)
    SkiaSharp.Views.Forms (1.68.3)
      SkiaSharp (>= 1.68.3)
      SkiaSharp.Views (>= 1.68.3)
      Xamarin.Forms (>= 4.4.0.991757)
    System.ComponentModel (4.3)
    System.Numerics.Vectors (4.5)
    WebP.Touch (1.0.8)
    Xamarin.Essentials (1.5.3.2)
      System.Numerics.Vectors (>= 4.5)
    Xamarin.FFImageLoading (2.4.11.982)
      WebP.Touch (>= 1.0.8)
    Xamarin.FFImageLoading.Forms (2.4.11.982)
      Xamarin.FFImageLoading (>= 2.4.11.982)
      Xamarin.Forms (>= 3.3.0.912540)
    Xamarin.Forms (4.6.0.847)
    Xamarin.Forms.Maps (4.6.0.847)
      Xamarin.Forms (>= 4.6.0.847)
    Xamarin.Forms.PancakeView (1.4.2)
      System.ComponentModel (>= 4.3)
      Xamarin.Forms (>= 3.6.0.220655)

GROUP neutral
RESTRICTION: == netstandard2.0
GITHUB
  remote: fsprojects/FSharp.Compiler.PortaCode
    src/CodeModel.fs (190a8c5b6d67de8cd4f75a9ee4197ed1f36c9b87)
    src/FromCompilerService.fs (190a8c5b6d67de8cd4f75a9ee4197ed1f36c9b87)
    src/Interpreter.fs (190a8c5b6d67de8cd4f75a9ee4197ed1f36c9b87)
    src/ProcessCommandLine.fs (190a8c5b6d67de8cd4f75a9ee4197ed1f36c9b87)
    src/ProjectCracker.fs (190a8c5b6d67de8cd4f75a9ee4197ed1f36c9b87)
    tests/PortaCodeTests.fs (190a8c5b6d67de8cd4f75a9ee4197ed1f36c9b87)
GROUP wpfapp
RESTRICTION: == net472
NUGET
  remote: https://www.nuget.org/api/v2
    FSharp.Core (4.7.2)
    FSharp.Data (3.3.3)
      FSharp.Core (>= 4.0.0.1)
    Microsoft.Maps.MapControl.WPF (1.0.0.3)
    Newtonsoft.Json (12.0.3)
    OpenTK (3.2)
    OpenTK.GLControl (3.1)
      OpenTK (>= 3.1)
    OxyPlot.Core (2.0)
    OxyPlot.Xamarin.Forms (1.0)
      OxyPlot.Core (>= 1.0)
      Xamarin.Forms (>= 2.3.3.180)
    Plugin.MediaManager (0.9.7)
    Plugin.MediaManager.Forms (0.9.7)
      Plugin.MediaManager (>= 0.9.7)
      Xamarin.Forms (>= 4.5.0.356)
      Xamarin.Forms.Platform.WPF (>= 4.5.0.356)
    SkiaSharp (1.68.3)
      System.Memory (>= 4.5.3)
    SkiaSharp.Views.Desktop.Common (1.68.3)
      SkiaSharp (>= 1.68.3)
    SkiaSharp.Views.Forms (1.68.3)
      SkiaSharp (>= 1.68.3)
      Xamarin.Forms (>= 4.4.0.991757)
    SkiaSharp.Views.Forms.WPF (1.68.3)
      OpenTK (>= 3.0.1)
      OpenTK.GLControl (>= 3.0.1)
      SkiaSharp (>= 1.68.3)
      SkiaSharp.Views.Desktop.Common (>= 1.68.3)
      SkiaSharp.Views.Forms (>= 1.68.3)
      SkiaSharp.Views.WindowsForms (>= 1.68.3)
      SkiaSharp.Views.WPF (>= 1.68.3)
      Xamarin.Forms (>= 4.4.0.991757)
      Xamarin.Forms.Platform.WPF (>= 4.4.0.991757)
    SkiaSharp.Views.WindowsForms (1.68.3)
      OpenTK (>= 3.0.1)
      OpenTK.GLControl (>= 3.0.1)
      SkiaSharp (>= 1.68.3)
      SkiaSharp.Views.Desktop.Common (>= 1.68.3)
    SkiaSharp.Views.WPF (1.68.3)
      SkiaSharp (>= 1.68.3)
      SkiaSharp.Views.Desktop.Common (>= 1.68.3)
    System.Buffers (4.5.1)
    System.ComponentModel (4.3)
    System.Memory (4.5.4)
      System.Buffers (>= 4.5.1)
      System.Numerics.Vectors (>= 4.5)
      System.Runtime.CompilerServices.Unsafe (>= 4.5.3)
    System.Numerics.Vectors (4.5)
    System.Runtime.CompilerServices.Unsafe (4.7.1)
    Xamarin.Essentials (1.5.3.2)
      System.Numerics.Vectors (>= 4.5)
    Xamarin.FFImageLoading (2.4.11.982)
    Xamarin.FFImageLoading.Forms (2.4.11.982)
      Xamarin.FFImageLoading (>= 2.4.11.982)
      Xamarin.Forms (>= 3.3.0.912540)
    Xamarin.Forms (4.6.0.847)
    Xamarin.Forms.Maps (4.6.0.847)
      Xamarin.Forms (>= 4.6.0.847)
    Xamarin.Forms.Maps.WPF (4.6.0.847)
      Microsoft.Maps.MapControl.WPF (>= 1.0.0.3)
    Xamarin.Forms.PancakeView (1.4.2)
      System.ComponentModel (>= 4.3)
      Xamarin.Forms (>= 3.6.0.220655)
      Xamarin.Forms.Platform.WPF (>= 3.6.0.220655)
    Xamarin.Forms.Platform.WPF (4.6.0.847)
      OpenTK (>= 3.0.1)
      OpenTK.GLControl (>= 3.0.1)
      Xamarin.Forms (>= 4.6.0.847)
